GEM
  remote: http://rubygems.org/
  specs:
    actionpack (2.3.11)
      activesupport (= 2.3.11)
      rack (~> 1.1.0)
    activesupport (2.3.11)
    addressable (2.2.4)
    builder (2.1.2)
    choices (0.2.4)
      hashie (>= 0.4.0)
    crack (0.1.8)
    data_objects (0.10.3)
      addressable (~> 2.1)
    dm-core (0.10.2)
      addressable (~> 2.1)
      extlib (~> 0.9.14)
    dm-timestamps (0.10.2)
      dm-core (~> 0.10.2)
    do_postgres (0.10.3)
      data_objects (= 0.10.3)
    do_sqlite3 (0.10.3)
      data_objects (= 0.10.3)
    extlib (0.9.15)
    haml (3.0.25)
    hashie (0.4.0)
    httparty (0.6.1)
      crack (= 0.1.8)
    multi_json (0.0.5)
    nokogiri (1.4.4)
    oauth (0.4.4)
    rack (1.1.0)
    rspec (1.3.1)
    shotgun (0.6)
      rack (>= 0.9.1)
    sinatra (1.1.2)
      rack (~> 1.1)
      tilt (~> 1.2)
    tilt (1.2.1)
    twitter (0.9.12)
      hashie (~> 0.4.0)
      httparty (~> 0.6.1)
      multi_json (~> 0.0.4)
      oauth (~> 0.4.3)
    twitter-login (0.2.3)
      twitter (~> 0.9.5)

PLATFORMS
  ruby

DEPENDENCIES
  actionpack (~> 2.3.4)
  builder (~> 2.1.2)
  choices
  dm-core (~> 0.10.1)
  dm-timestamps (~> 0.10.1)
  do_postgres (~> 0.10.0)
  do_sqlite3 (~> 0.10.0)
  haml (~> 3.0.0.beta1)
  nokogiri (~> 1.4.0)
  rspec (~> 1.3.1)
  shotgun (= 0.6)
  sinatra (~> 1.1.2)
  twitter-login (~> 0.2.0)
